GEM
  remote: https://rubygems.org/
  specs:
    POpen4 (0.1.4)
      Platform (>= 0.4.0)
      open4
    Platform (0.4.0)
    haml (3.1.7)
    nokogiri (1.5.5)
    nokogiri (1.5.5-x86-mingw32)
    open4 (1.3.0)
    posix-spawn (0.3.6)
    pygments.rb (0.5.0)
      posix-spawn (~> 0.3.6)
      yajl-ruby (~> 1.1.0)
    redcarpet (2.2.2)
    sass (3.2.3)
    win32-open3-19 (0.0.2)
    yajl-ruby (1.1.0)
    yajl-ruby (1.1.0-x86-mingw32)
    yui-compressor (0.9.6)
      POpen4 (>= 0.1.4)

PLATFORMS
  ruby
  x86-mingw32

DEPENDENCIES
  haml
  nokogiri
  pygments.rb
  redcarpet
  sass
  win32-open3-19
  yui-compressor
